GEM
  remote: http://rubygems.org/
  specs:
    backports (2.3.0)
    json (1.7.3)
    minitest (3.2.0)
    rack (1.4.1)
    rack-protection (1.2.0)
      rack
    rack-test (0.6.1)
      rack (>= 1.0)
    rake (0.9.2.2)
    sinatra (1.3.2)
      rack (~> 1.3, >= 1.3.6)
      rack-protection (~> 1.2)
      tilt (~> 1.3, >= 1.3.3)
    thor (0.15.4)
    tilt (1.3.3)
    wd_sinatra (0.3.1)
      thor
      weasel_diesel
    weasel_diesel (1.0.4)
      backports
      json

PLATFORMS
  ruby

DEPENDENCIES
  backports (= 2.3.0)
  json
  minitest
  rack-test (= 0.6.1)
  rake
  sinatra (= 1.3.2)
  thor
  wd_sinatra
  weasel_diesel
